GEM
  remote: https://rubygems.org/
  specs:
    rake (10.1.0)
    rdoc (6.3.1)

PLATFORMS
  ruby

DEPENDENCIES
  rake
  rdoc
